GEM
  remote: https://rubygems.org/
  specs:
    dotenv (2.7.5)
    faraday (1.0.0)
      multipart-post (>= 1.2, < 3)
    mini_portile2 (2.4.0)
    minitest (5.14.0)
    multipart-post (2.1.1)
    nokogiri (1.10.9)
      mini_portile2 (~> 2.4.0)
    sentry-raven (3.0.0)
      faraday (>= 1.0)

PLATFORMS
  ruby

DEPENDENCIES
  dotenv (~> 2.7, >= 2.7.5)
  minitest (~> 5.8, >= 5.8.4)
  nokogiri (~> 1.10, >= 1.10.9)
  sentry-raven

BUNDLED WITH
   2.0.1
